GEM
  remote: https://rubygems.org/
  specs:
    byebug (11.0.1)
    httparty (0.18.1)
      mime-types (~> 3.0)
      multi_xml (>= 0.5.2)
    meilisearch (0.13.0)
      httparty (>= 0.17.1, < 0.19.0)
    mime-types (3.3.1)
      mime-types-data (~> 3.2015)
    mime-types-data (3.2020.0512)
    multi_xml (0.6.0)

PLATFORMS
  ruby

DEPENDENCIES
  byebug
  meilisearch (~> 0.13)

RUBY VERSION
   ruby 2.6.5p114

BUNDLED WITH
   1.17.3
